GEM
  remote: https://rubygems.org/
  specs:
    google-protobuf (3.20.3)
    google-protobuf (3.20.3-x86_64-linux)
    googleapis-common-protos-types (1.0.4)
      google-protobuf (~> 3.0)
    grpc (1.20.0)
      google-protobuf (~> 3.7)
      googleapis-common-protos-types (~> 1.0.0)
    grpc (1.20.0-x86_64-linux)
      google-protobuf (~> 3.7)
      googleapis-common-protos-types (~> 1.0.0)
    multi_json (1.13.1)

PLATFORMS
  ruby
  unknown
  x86_64-linux

DEPENDENCIES
  grpc (= 1.20.0)
  multi_json (= 1.13.1)

BUNDLED WITH
   1.15.1
